PATH
  remote: .
  specs:
    datasift (2.0.4)
      rest-client (~> 1.6.3)
      websocket (~> 1.1.1)
      websocket-eventmachine-client (~> 1.0.1)

GEM
  remote: https://rubygems.org/
  specs:
    eventmachine (1.0.3)
    json (1.8.0)
    mime-types (1.25)
    multi_json (1.8.0)
    rdoc (4.0.1)
      json (~> 1.4)
    rest-client (1.6.7)
      mime-types (>= 1.16)
    shoulda (2.11.3)
    test-unit (2.5.5)
    websocket (1.1.1)
    websocket-eventmachine-base (1.0.2)
      eventmachine (~> 1.0)
      websocket (~> 1.0)
      websocket-native (~> 1.0)
    websocket-eventmachine-client (1.0.1)
      websocket-eventmachine-base (~> 1.0)
    websocket-native (1.0.0)

PLATFORMS
  ruby

DEPENDENCIES
  datasift!
  multi_json (~> 1.8.0)
  rdoc (> 0)
  shoulda (~> 2.11.3)
  test-unit (>= 2.5.5)
